GEM
  remote: http://rubygems.org/
  remote: http://rubygems.org/
  specs:
    SystemTimer (1.2.1)
    activemodel (3.0.3)
      activesupport (= 3.0.3)
      builder (~> 2.1.2)
      i18n (~> 0.4)
    activesupport (3.0.3)
    andand (1.3.1)
    aws (2.3.34)
      activesupport
      http_connection
      uuidtools
      xml-simple
    bson (1.1.5)
    bson_ext (1.1.5)
    builder (2.1.2)
    bunny (0.6.0)
    columnize (0.3.2)
    daemons (1.1.0)
    database_cleaner (0.6.0)
    diff-lcs (1.1.2)
    eventmachine (0.12.10)
    fabrication (0.9.4)
    facets (2.9.0)
    fastercsv (1.5.3)
    fcg-core-ext (0.0.5)
      andand (>= 1.3.1)
      facets (>= 2.8.4)
      hashie (>= 0.4.0)
      msgpack (>= 0.4.3)
      thor (>= 0.14.3)
      yajl-ruby
    fcg-service-ext (0.0.12)
      guid
      i18n
      json
      ruby-hmac
      yajl-ruby
    ffaker (1.0.0)
    geokit (1.5.0)
    guid (0.1.1)
    hashie (0.4.0)
    http_connection (1.4.0)
    i18n (0.5.0)
    ice_cube (0.6.4)
    json (1.4.6)
    kgio (2.0.0)
    linecache (0.43)
    mocha (0.9.10)
      rake
    mongo (1.1.5)
      bson (>= 1.1.5)
    mongoid (2.0.0.beta.20)
      activemodel (~> 3.0)
      mongo (~> 1.1)
      tzinfo (~> 0.3.22)
      will_paginate (~> 3.0.pre)
    msgpack (0.4.4)
    nokogiri (1.4.4)
    rack (1.2.1)
    rack-mount (0.6.13)
      rack (>= 1.0.0)
    rack-test (0.5.6)
      rack (>= 1.0)
    rake (0.8.7)
    rdiscount (1.6.5)
    redis (2.1.1)
    redis-namespace (0.10.0)
      redis (< 3.0.0)
    redisk (0.2.2)
      redis (>= 0.1.1)
      redis-namespace (>= 0.1.0)
    rspec (2.3.0)
      rspec-core (~> 2.3.0)
      rspec-expectations (~> 2.3.0)
      rspec-mocks (~> 2.3.0)
    rspec-core (2.3.1)
    rspec-expectations (2.3.0)
      diff-lcs (~> 1.1.2)
    rspec-mocks (2.3.0)
    ruby-debug (0.10.4)
      columnize (>= 0.1)
      ruby-debug-base (~> 0.10.4.0)
    ruby-debug-base (0.10.4)
      linecache (>= 0.3)
    ruby-hmac (0.4.0)
    sanitize (1.2.1)
      nokogiri (~> 1.4.1)
    simple_record (2.0.2)
      aws
    sinatra (1.1.0)
      rack (~> 1.1)
      tilt (~> 1.1)
    thin (1.2.7)
      daemons (>= 1.0.9)
      eventmachine (>= 0.12.6)
      rack (>= 1.0.0)
    thor (0.14.6)
    tilt (1.2)
    timecop (0.3.5)
    transitions (0.0.9)
    tzinfo (0.3.23)
    unicorn (3.1.0)
      kgio (~> 2.0.0)
      rack
    uuidtools (2.1.1)
    vegas (0.1.8)
      rack (>= 1.0.0)
    will_paginate (3.0.pre2)
    xml-simple (1.0.12)
    yajl-ruby (0.7.8)

PLATFORMS
  ruby

DEPENDENCIES
  SystemTimer
  bson_ext (>= 1.0.9)
  bunny
  database_cleaner
  fabrication (>= 0.8.3)
  fastercsv (>= 1.5.3)
  fcg-core-ext
  fcg-service-ext
  ffaker (>= 0.4.0)
  geokit
  ice_cube (>= 0.5.9)
  mocha (>= 0.9.0)
  mongoid (>= 2.0.0.beta.19)
  msgpack
  rack-mount (>= 0.6.13)
  rack-test (>= 0.5.6)
  rdiscount (>= 1.6.5)
  redis (>= 2.0.10)
  redis-namespace (>= 0.10.0)
  redisk
  rspec (>= 2.0.0)
  ruby-debug
  sanitize
  simple_record (>= 1.5.4)
  sinatra (>= 1.0)
  thin (= 1.2.7)
  thor
  timecop
  transitions
  unicorn
  vegas (>= 0.1.7)
